GEM
  remote: https://rubygems.org/
  specs:
    activesupport (3.2.13)
      i18n (= 0.6.1)
      multi_json (~> 1.0)
    claide (0.3.2)
    cocoapods (0.21.0.rc1)
      activesupport (~> 3.2.13)
      claide (~> 0.3.2)
      cocoapods-core (= 0.21.0.rc1)
      cocoapods-downloader (~> 0.1.1)
      colored (~> 1.2)
      escape (~> 0.0.4)
      json (~> 1.8.0)
      open4 (~> 1.3.0)
      xcodeproj (~> 0.7.0)
    cocoapods-core (0.21.0.rc1)
      activesupport (~> 3.2.13)
      json (~> 1.8.0)
      nap (~> 0.5.1)
    cocoapods-downloader (0.1.1)
    colored (1.2)
    commander (4.1.3)
      highline (~> 1.6.11)
    cupertino (0.5.1)
      commander (~> 4.1.2)
      mechanize (~> 2.5.1)
      security (~> 0.1.2)
      term-ansicolor (~> 1.0.7)
      terminal-table (~> 1.4.5)
    domain_name (0.5.7)
      unf (~> 0.0.3)
    escape (0.0.4)
    highline (1.6.15)
    i18n (0.6.1)
    json (1.8.0)
    mechanize (2.5.1)
      domain_name (~> 0.5, >= 0.5.1)
      mime-types (~> 1.17, >= 1.17.2)
      net-http-digest_auth (~> 1.1, >= 1.1.1)
      net-http-persistent (~> 2.5, >= 2.5.2)
      nokogiri (~> 1.4)
      ntlm-http (~> 0.1, >= 0.1.1)
      webrobots (~> 0.0, >= 0.0.9)
    mime-types (1.21)
    multi_json (1.7.2)
    nap (0.5.1)
    net-http-digest_auth (1.2.1)
    net-http-persistent (2.8)
    nokogiri (1.5.7)
    ntlm-http (0.1.1)
    open4 (1.3.0)
    security (0.1.2)
    term-ansicolor (1.0.7)
    terminal-table (1.4.5)
    unf (0.0.5)
      unf_ext
    unf_ext (0.0.6)
    webrobots (0.1.0)
    xcodeproj (0.7.0)
      activesupport (~> 3.2.13)
      colored (~> 1.2)

PLATFORMS
  ruby

DEPENDENCIES
  cocoapods (~> 0.21.0.rc1)
  cupertino
